GEM
  specs:
    sass (3.4.12)

PLATFORMS
  ruby

DEPENDENCIES
  sass
